NUGET
  remote: https://nuget.org/api/v2
  specs:
    FAKE (4.4.1)
    FunScript (1.1.94)
